GEM
  remote: https://rubygems.org/
  specs:
    nokogiri (1.8.0)
    puma (3.4.0)
    rack (1.6.4)

PLATFORMS
  ruby

DEPENDENCIES
  nokogiri (~> 1.8.0)
  puma
  rack

BUNDLED WITH
   1.15.3
